GEM
  remote: http://rubygems.org/
  specs:
    epoxy (0.3.1)
    git (1.2.5)
    jeweler (1.8.3)
      bundler (~> 1.0)
      git (>= 1.2.5)
      rake
      rdoc
    json (1.7.0)
    methlab (0.1.0)
    multi_json (1.3.4)
    rake (0.9.2.2)
    rdbi (0.9.1)
      epoxy (>= 0.3.1)
      methlab (>= 0.0.9)
      typelib
    rdbi-driver-sqlite3 (0.9.1)
      epoxy (>= 0.3.1)
      methlab
      rdbi
      sqlite3-ruby (~> 1.3)
    rdoc (3.12)
      json (~> 1.4)
    simplecov (0.6.2)
      multi_json (~> 1.3)
      simplecov-html (~> 0.5.3)
    simplecov-html (0.5.3)
    sqlite3 (1.3.6)
    sqlite3-ruby (1.3.3)
      sqlite3 (>= 1.3.3)
    typelib (0.1.0)

PLATFORMS
  ruby

DEPENDENCIES
  bundler (>= 1.1.3)
  jeweler (>= 1.8.3)
  json (>= 1.7.0)
  rdbi (>= 0.9.1)
  rdbi-driver-sqlite3
  simplecov
